GEM
  remote: http://rubygems.org/
  specs:
    activemodel (3.2.8)
      activesupport (= 3.2.8)
      builder (~> 3.0.0)
    activesupport (3.2.8)
      i18n (~> 0.6)
      multi_json (~> 1.0)
    builder (3.0.0)
    carrierwave (0.6.2)
      activemodel (>= 3.2.0)
      activesupport (>= 3.2.0)
    carrierwave-vips (1.0.2)
      carrierwave
      rmagick
      ruby-vips (>= 0.2.0)
    i18n (0.6.1)
    multi_json (1.3.6)
    rmagick (2.13.1)
    ruby-vips (0.3.3)

PLATFORMS
  ruby

DEPENDENCIES
  carrierwave
  carrierwave-vips
